GEM
  remote: http://rubygems.org/
  specs:
    puma (1.6.3)
      rack (~> 1.2)
    rack (1.4.1)

PLATFORMS
  ruby

DEPENDENCIES
  puma
